{
    "DeviceSerialNumber": "987-65-4321",
    "ElectrodeManufacturer": "DIXI",
    "ElectrodeManufacturersModelName": "foo",
    "ElectrodeMaterial": "Ag-AgCl",
    "ElectrodeType": "ring",
    "EMGChannelCount":1,
    "EMGGround": "n/a",
    "EMGPlacementScheme": "Other",
    "EMGPlacementSchemeDescription": "The bipolar electrode was placed on Rectus Femoris according to SENIAM.",
    "EMGReference": "bipolar",
    "HardwareFilters":{"Lowpass": {"Half amplitude cutoff (Hz)": 500}},
    "InstitutionAddress": "9500 Gilman Drive 0559, La Jolla, CA 92093",
    "InstitutionalDepartmentName": "Swartz Center for Computational Neuroscience",
    "InstitutionName": "University of California San Diego",
    "Instructions": "When you hear a tone, hop repeatedly on your right foot until you hear the second tone, 30 seconds later.",
    "InterelectrodeDistance": 8,
    "Manufacturer": "Delsys",
    "ManufacturersModelName": "Trigno",
    "PowerLineFrequency": 60,
    "RecordingDuration":1.00,
    "RecordingType": "continuous",
    "SamplingFrequency":2000,
    "SoftwareFilters": "",
    "SoftwareVersions": "0.0.0",
    "SubjectArtefactDescription": "n/a",
    "TaskDescription": "Subject performs single-leg jumping for 30 seconds.",
    "TaskName": "jumping",
    "TriggerChannelCount": 0
}
