{
    "DeviceSerialNumber":"123-45-6789",
    "ElectrodeManufacturer":"AD-TECH",
    "ElectrodeManufacturersModelName": "foo",
    "ElectrodeMaterial": "Ag-AgCl",
    "ElectrodeType": "ring",
    "EMGChannelCount":128,
    "EMGGround": "n/a",
    "EMGPlacementScheme": "Other",
    "EMGPlacementSchemeDescription":"Grids placed on the vastus medialis and lateralis muscles. See channels.tsv and electrodes.tsv for details.",
    "EMGReference":"placed on the skin over the ankle.",
    "HardwareFilters":{"Lowpass": {"Half amplitude cutoff (Hz)": 500}},
    "InstitutionAddress": "9500 Gilman Drive 0559, La Jolla, CA 92093",
    "InstitutionalDepartmentName": "Swartz Center for Computational Neuroscience",
    "InstitutionName": "University of California San Diego",
    "Instructions": "When you hear a tone, hop repeatedly on your right foot until you hear the second tone, 30 seconds later.",
    "InterelectrodeDistance": 5,
    "Manufacturer": "OTBioelettronica",
    "ManufacturersModelName": "Sessantaquattro",
    "PowerLineFrequency": 60,
    "RecordingDuration":1.00,
    "RecordingType": "continuous",
    "SamplingFrequency":2000,
    "SoftwareFilters": "",
    "SoftwareVersions": "0.0.0",
    "SubjectArtefactDescription": "n/a",
    "TaskDescription": "Subject performs single-leg jumping for 30 seconds.",
    "TaskName": "jumping",
    "TriggerChannelCount": 0
}
