{
	"EMGChannelCount":1,
	"EMGPlacementScheme":"Other",
	"EMGPlacementSchemeDescription":"The bipolar electrode was placed on Rectus Femoris according to SENIAM.",
	"EMGReference":"bipolar",
	"EMGGround":"n/a",
	"Manufacturer":"Delsys",
	"ManufacturersModelName":"Trigno",
	"RecordingDuration":1.00,
	"RecordingType":"continuous",
	"SamplingFrequency":2000,
	"HardwareFilters":{"Lowpass": {"Half amplitude cutoff (Hz)": 500}},
	"TaskDescription":"Subject performs single-leg jumping for 30 seconds.",
	"TaskName":"jumping",
	"PowerLineFrequency":60,
	"SoftwareFilters":"n/a"
}